GEM
  remote: http://rubygems.org/
  specs:
    addressable (2.3.3)
    bacon (1.2.0)
    crack (0.3.2)
    metaclass (0.0.1)
    mocha (0.13.2)
      metaclass (~> 0.0.1)
    mocha-on-bacon (0.2.2)
      mocha (>= 0.13.0)
    rake (10.0.3)
    vcr (2.4.0)
    webmock (1.8.11)
      addressable (>= 2.2.7)
      crack (>= 0.1.7)
    yard (0.8.5)

PLATFORMS
  ruby

DEPENDENCIES
  bacon
  mocha-on-bacon
  rake
  vcr
  webmock (< 1.9)
  yard
