GEM
  remote: https://rubygems.org/
  specs:
    addressable (2.3.6)
    ast (2.0.0)
    bacon (1.2.0)
    codeclimate-test-reporter (0.3.0)
      simplecov (>= 0.7.1, < 1.0.0)
    crack (0.4.2)
      safe_yaml (~> 1.0.0)
    docile (1.1.5)
    ffi (1.9.3)
    json (1.8.1)
    kicker (3.0.0)
      listen (~> 1.3.0)
      notify (~> 0.5.2)
    listen (1.3.1)
      rb-fsevent (>= 0.9.3)
      rb-inotify (>= 0.9)
      rb-kqueue (>= 0.2)
    metaclass (0.0.4)
    mime-types (1.25.1)
    mocha (1.0.0)
      metaclass (~> 0.0.1)
    mocha-on-bacon (0.2.2)
      mocha (>= 0.13.0)
    multi_json (1.10.1)
    notify (0.5.2)
    parser (2.1.9)
      ast (>= 1.1, < 3.0)
      slop (~> 3.4, >= 3.4.5)
    powerpack (0.0.9)
    prettybacon (0.0.2)
      bacon (~> 1.2)
    rainbow (2.0.0)
    rake (10.3.1)
    rb-fsevent (0.9.4)
    rb-inotify (0.9.4)
      ffi (>= 0.5.0)
    rb-kqueue (0.2.2)
      ffi (>= 0.5.0)
    rubocop (0.21.0)
      json (>= 1.7.7, < 2)
      parser (~> 2.1.9)
      powerpack (~> 0.0.6)
      rainbow (>= 1.99.1, < 3.0)
      ruby-progressbar (~> 1.4)
    ruby-progressbar (1.4.2)
    safe_yaml (1.0.3)
    simplecov (0.9.0)
      docile (~> 1.1.0)
      multi_json
      simplecov-html (~> 0.8.0)
    simplecov-html (0.8.0)
    slop (3.5.0)
    vcr (2.9.0)
    webmock (1.8.11)
      addressable (>= 2.2.7)
      crack (>= 0.1.7)

PLATFORMS
  ruby

DEPENDENCIES
  bacon
  codeclimate-test-reporter
  kicker
  mime-types (< 2.0)
  mocha-on-bacon
  prettybacon
  rake
  rubocop
  simplecov
  vcr
  webmock (< 1.9)
